GEM
  remote: http://rubygems.org/
  specs:
    ZenTest (4.8.2)
    autotest (4.4.6)
      ZenTest (>= 4.4.1)
    autotest-fsevent (0.2.8)
      sys-uname
    columnize (0.3.6)
    debugger (1.2.0)
      columnize (>= 0.3.1)
      debugger-linecache (~> 1.1.1)
      debugger-ruby_core_source (~> 1.1.3)
    debugger-linecache (1.1.2)
      debugger-ruby_core_source (>= 1.1.1)
    debugger-ruby_core_source (1.1.3)
    ffi (1.14.2)
    sys-uname (0.9.0)
      ffi (>= 1.0.0)

PLATFORMS
  ruby

DEPENDENCIES
  autotest
  autotest-fsevent
  debugger
